GEM
  remote: http://rubygems.org/
  specs:
    active_support (3.0.0)
      activesupport (= 3.0.0)
    activesupport (3.0.0)
    backports (2.2.1)
    haml (3.1.2)
    json (1.5.3)
    monkey-lib (0.5.4)
      backports
    nokogiri (1.5.0)
    rack (1.3.0)
    sinatra (1.2.6)
      rack (~> 1.1)
      tilt (< 2.0, >= 1.2.2)
    sinatra-advanced-routes (0.5.1)
      monkey-lib (~> 0.5.0)
      sinatra (~> 1.0)
      sinatra-sugar (~> 0.5.0)
    sinatra-reloader (0.5.0)
      sinatra (~> 1.0)
      sinatra-advanced-routes (~> 0.5.0)
    sinatra-sugar (0.5.1)
      monkey-lib (~> 0.5.0)
      sinatra (~> 1.0)
    tilt (1.3)

PLATFORMS
  ruby

DEPENDENCIES
  active_support (>= 3.0)
  haml (>= 3.1)
  json (>= 1.5)
  nokogiri
  rack (~> 1.2)
  sinatra (>= 1.2.6)
  sinatra-reloader (>= 0.5.0)
